PATH
  remote: .
  specs:
    asimov-universe (25.0.0.dev.0)
      asimov-cli (>= 25.0.0.dev)
      asimov-modules (>= 25.0.0.dev)
      asimov.rb (>= 25.0.0.dev)

GEM
  remote: https://rubygems.org/
  specs:
    addressable (2.8.7)
      public_suffix (>= 2.0.2, < 7.0)
    asimov-account-cli (25.0.0.dev.4)
      asimov-config (= 25.0.0.dev.4)
      dry-cli (~> 1.2)
    asimov-anthropic-module (0.0.0)
      asimov-module (>= 25.0.0.dev)
      omniai (~> 1.9)
      omniai-anthropic (~> 1.9)
    asimov-chromium-module (0.0.0)
      asimov-module (>= 25.0.0.dev)
      know
    asimov-cli (25.0.0.dev.4)
      asimov-account-cli (= 25.0.0.dev.4)
      asimov-config-cli (= 25.0.0.dev.4)
      asimov-construct-cli (= 25.0.0.dev.4)
      asimov-dataset-cli (= 25.0.0.dev.4)
      asimov-module-cli (= 25.0.0.dev.4)
    asimov-config (25.0.0.dev.4)
      pathname (>= 0.4)
    asimov-config-cli (25.0.0.dev.4)
      asimov-config (= 25.0.0.dev.4)
      dry-cli (~> 1.2)
    asimov-construct (25.0.0.dev.4)
      asimov-config (= 25.0.0.dev.4)
      kdl (~> 2.0)
    asimov-construct-cli (25.0.0.dev.4)
      asimov-config (= 25.0.0.dev.4)
      asimov-construct (= 25.0.0.dev.4)
      dry-cli (~> 1.2)
    asimov-dataset (25.0.0.dev.4)
      asimov-config (= 25.0.0.dev.4)
    asimov-dataset-cli (25.0.0.dev.4)
      asimov-config (= 25.0.0.dev.4)
      asimov-dataset (= 25.0.0.dev.4)
      dry-cli (~> 1.2)
    asimov-flow (25.0.0.dev.4)
      asimov-config (= 25.0.0.dev.4)
    asimov-goodreads-module (0.0.0)
      asimov-module
    asimov-module (25.0.0.dev.4)
      asimov-config (= 25.0.0.dev.4)
    asimov-module-cli (25.0.0.dev.4)
      asimov-config (= 25.0.0.dev.4)
      dry-cli (~> 1.2)
    asimov-modules (25.0.0.dev.0)
      asimov-anthropic-module
      asimov-chromium-module
      asimov-goodreads-module
      asimov-module (>= 25.0.0.dev)
      asimov-netscape-module
      asimov-openai-module
      asimov-rdf-module
      asimov-rdfs-module
      asimov-xsd-module
    asimov-netscape-module (0.0.0)
      asimov-module (>= 25.0.0.dev)
      know
    asimov-ontology (25.0.0.dev.4)
      asimov-config (= 25.0.0.dev.4)
    asimov-openai-module (0.0.0)
      asimov-module (>= 25.0.0.dev)
      omniai (~> 1.9)
      omniai-openai (~> 1.9)
    asimov-protocol (25.0.0.dev.4)
      asimov-config (= 25.0.0.dev.4)
    asimov-rdf-module (0.0.0)
      asimov-module (>= 25.0.0.dev)
      rdf (~> 3.3)
    asimov-rdfs-module (0.0.0)
      asimov-module (>= 25.0.0.dev)
      rdf (~> 3.3)
      rdf-reasoner (~> 0.9)
    asimov-sdk (25.0.0.dev.4)
      asimov-config (= 25.0.0.dev.4)
      ffi (~> 1.17)
    asimov-vault (25.0.0.dev.4)
      asimov-config (= 25.0.0.dev.4)
    asimov-xsd-module (0.0.0)
      asimov-module (>= 25.0.0.dev)
      rdf (~> 3.3)
    asimov.rb (25.0.0.dev.4)
      asimov-config (= 25.0.0.dev.4)
      asimov-construct (= 25.0.0.dev.4)
      asimov-dataset (= 25.0.0.dev.4)
      asimov-flow (= 25.0.0.dev.4)
      asimov-module (= 25.0.0.dev.4)
      asimov-ontology (= 25.0.0.dev.4)
      asimov-protocol (= 25.0.0.dev.4)
      asimov-sdk (= 25.0.0.dev.4)
      asimov-vault (= 25.0.0.dev.4)
      know
    base64 (0.2.0)
    bcp47_spec (0.2.1)
    bigdecimal (3.1.9)
    domain_name (0.6.20240107)
    dry-cli (1.2.0)
    event_stream_parser (1.0.0)
    ffi (1.17.1)
    ffi (1.17.1-arm64-darwin)
    ffi-compiler (1.3.2)
      ffi (>= 1.15.5)
      rake
    http (5.2.0)
      addressable (~> 2.8)
      base64 (~> 0.1)
      http-cookie (~> 1.0)
      http-form_data (~> 2.2)
      llhttp-ffi (~> 0.5.0)
    http-cookie (1.0.8)
      domain_name (~> 0.5)
    http-form_data (2.3.0)
    kdl (2.0.2)
      base64 (~> 0.2.0)
      bigdecimal (~> 3.1.6)
      racc (~> 1.5)
      simpleidn (~> 0.2.1)
    know (0.0.2)
    link_header (0.0.8)
    llhttp-ffi (0.5.0)
      ffi-compiler (~> 1.0)
      rake (~> 13.0)
    logger (1.6.6)
    omniai (1.9.5)
      event_stream_parser
      http
      logger
      zeitwerk
    omniai-anthropic (1.9.6)
      event_stream_parser
      omniai
      zeitwerk
    omniai-openai (1.9.3)
      event_stream_parser
      omniai
      zeitwerk
    pathname (0.4.0)
    public_suffix (6.0.1)
    racc (1.8.1)
    rake (13.3.0)
    rdf (3.3.2)
      bcp47_spec (~> 0.2)
      bigdecimal (~> 3.1, >= 3.1.5)
      link_header (~> 0.0, >= 0.0.8)
    rdf-reasoner (0.9.0)
      rdf (~> 3.3)
      rdf-xsd (~> 3.3)
    rdf-xsd (3.3.0)
      rdf (~> 3.3)
      rexml (~> 3.2)
    rexml (3.4.1)
    simpleidn (0.2.3)
    zeitwerk (2.7.1)

PLATFORMS
  arm64-darwin-24
  ruby

DEPENDENCIES
  asimov-universe!
  rake (>= 13)

BUNDLED WITH
   2.6.2
